PATH
  remote: .
  specs:
    heroku-nav (0.1.24)

GEM
  remote: http://rubygems.org/
  specs:
    addressable (2.3.2)
    bacon (1.2.0)
    crack (0.3.2)
    metaclass (0.0.1)
    mocha (0.13.2)
      metaclass (~> 0.0.1)
    rack (1.5.1)
    rack-protection (1.3.2)
      rack
    rack-test (0.6.2)
      rack (>= 1.0)
    rake (10.0.3)
    sinatra (1.3.4)
      rack (~> 1.4)
      rack-protection (~> 1.3)
      tilt (~> 1.3, >= 1.3.3)
    tilt (1.3.3)
    webmock (1.9.0)
      addressable (>= 2.2.7)
      crack (>= 0.1.7)

PLATFORMS
  ruby

DEPENDENCIES
  bacon
  heroku-nav!
  mocha
  rack-test
  rake
  sinatra
  webmock
